GEM
  remote: http://rubygems.org/
  specs:
    parseconfig (1.0.2)
    sqlite3 (1.3.7)

PLATFORMS
  ruby

DEPENDENCIES
  parseconfig
  sqlite3
