GEM
  remote: http://rubygems.org/
  specs:
    bson (1.8.6)
    bson_ext (1.8.6)
      bson (~> 1.8.6)
    json (1.8.0)
    mongo (1.8.6)
      bson (~> 1.8.6)
    parseconfig (1.0.2)
    sqlite3 (1.3.7)

PLATFORMS
  ruby

DEPENDENCIES
  bson_ext
  json
  mongo
  parseconfig
  sqlite3
